GEM
  remote: https://rubygems.org/
  specs:
    actioncable (7.0.2.2)
      actionpack (= 7.0.2.2)
      activesupport (= 7.0.2.2)
      nio4r (~> 2.0)
      websocket-driver (>= 0.6.1)
    actionmailbox (7.0.2.2)
      actionpack (= 7.0.2.2)
      activejob (= 7.0.2.2)
      activerecord (= 7.0.2.2)
      activestorage (= 7.0.2.2)
      activesupport (= 7.0.2.2)
      mail (>= 2.7.1)
      net-imap
      net-pop
      net-smtp
    actionmailer (7.0.2.2)
      actionpack (= 7.0.2.2)
      actionview (= 7.0.2.2)
      activejob (= 7.0.2.2)
      activesupport (= 7.0.2.2)
      mail (~> 2.5, >= 2.5.4)
      net-imap
      net-pop
      net-smtp
      rails-dom-testing (~> 2.0)
    actionpack (7.0.2.2)
      actionview (= 7.0.2.2)
      activesupport (= 7.0.2.2)
      rack (~> 2.0, >= 2.2.0)
      rack-test (>= 0.6.3)
      rails-dom-testing (~> 2.0)
      rails-html-sanitizer (~> 1.0, >= 1.2.0)
    actiontext (7.0.2.2)
      actionpack (= 7.0.2.2)
      activerecord (= 7.0.2.2)
      activestorage (= 7.0.2.2)
      activesupport (= 7.0.2.2)
      globalid (>= 0.6.0)
      nokogiri (>= 1.8.5)
    actionview (7.0.2.2)
      activesupport (= 7.0.2.2)
      builder (~> 3.1)
      erubi (~> 1.4)
      rails-dom-testing (~> 2.0)
      rails-html-sanitizer (~> 1.1, >= 1.2.0)
    activejob (7.0.2.2)
      activesupport (= 7.0.2.2)
      globalid (>= 0.3.6)
    activemodel (7.0.2.2)
      activesupport (= 7.0.2.2)
    activerecord (7.0.2.2)
      activemodel (= 7.0.2.2)
      activesupport (= 7.0.2.2)
    activestorage (7.0.2.2)
      actionpack (= 7.0.2.2)
      activejob (= 7.0.2.2)
      activerecord (= 7.0.2.2)
      activesupport (= 7.0.2.2)
      marcel (~> 1.0)
      mini_mime (>= 1.1.0)
    activesupport (7.0.2.2)
      concurrent-ruby (~> 1.0, >= 1.0.2)
      i18n (>= 1.6, < 2)
      minitest (>= 5.1)
      tzinfo (~> 2.0)
    addressable (2.8.0)
      public_suffix (>= 2.0.2, < 5.0)
    ansi (1.5.0)
    ast (2.4.2)
    bcrypt (3.1.16)
    bindex (0.8.1)
    bootsnap (1.10.3)
      msgpack (~> 1.2)
    brakeman (5.2.1)
    builder (3.2.4)
    byebug (11.1.3)
    capybara (3.28.0)
      addressable
      mini_mime (>= 0.1.3)
      nokogiri (~> 1.8)
      rack (>= 1.6.0)
      rack-test (>= 0.6.3)
      regexp_parser (~> 1.5)
      xpath (~> 3.2)
    childprocess (2.0.0)
      rake (< 13.0)
    coderay (1.1.3)
    concurrent-ruby (1.1.9)
    crass (1.0.6)
    digest (3.1.0)
    erubi (1.10.0)
    faker (2.19.0)
      i18n (>= 1.6, < 2)
    ffi (1.15.5)
    formatador (1.1.0)
    friendly_id (5.4.2)
      activerecord (>= 4.0.0)
    globalid (1.0.0)
      activesupport (>= 5.0)
    guard (2.15.0)
      formatador (>= 0.2.4)
      listen (>= 2.7, < 4.0)
      lumberjack (>= 1.0.12, < 2.0)
      nenv (~> 0.1)
      notiffany (~> 0.0)
      pry (>= 0.9.12)
      shellany (~> 0.0)
      thor (>= 0.18.1)
    guard-compat (1.2.1)
    guard-minitest (2.4.6)
      guard-compat (~> 1.2)
      minitest (>= 3.0)
    i18n (1.10.0)
      concurrent-ruby (~> 1.0)
    io-wait (0.2.1)
    json (2.6.1)
    listen (3.7.1)
      rb-fsevent (~> 0.10, >= 0.10.3)
      rb-inotify (~> 0.9, >= 0.9.10)
    loofah (2.14.0)
      crass (~> 1.0.2)
      nokogiri (>= 1.5.9)
    lumberjack (1.2.8)
    mail (2.7.1)
      mini_mime (>= 0.1.1)
    mail_form (1.9.0)
      actionmailer (>= 5.2)
      activemodel (>= 5.2)
    marcel (1.0.2)
    method_source (1.0.0)
    mini_mime (1.1.2)
    mini_portile2 (2.8.0)
    minitest (5.14.2)
    minitest-reporters (1.3.8)
      ansi
      builder
      minitest (>= 5.0)
      ruby-progressbar
    msgpack (1.4.5)
    nenv (0.3.0)
    net-imap (0.2.3)
      digest
      net-protocol
      strscan
    net-pop (0.1.1)
      digest
      net-protocol
      timeout
    net-protocol (0.1.2)
      io-wait
      timeout
    net-smtp (0.3.1)
      digest
      net-protocol
      timeout
    nio4r (2.5.8)
    nokogiri (1.13.2)
      mini_portile2 (~> 2.8.0)
      racc (~> 1.4)
    notiffany (0.1.3)
      nenv (~> 0.1)
      shellany (~> 0.0)
    pagy (3.14.0)
    parallel (1.21.0)
    parser (3.1.1.0)
      ast (~> 2.4.1)
    pg (1.3.2)
    pry (0.14.1)
      coderay (~> 1.1)
      method_source (~> 1.0)
    public_suffix (4.0.6)
    puma (4.3.11)
      nio4r (~> 2.0)
    racc (1.6.0)
    rack (2.2.3)
    rack-proxy (0.7.2)
      rack
    rack-test (1.1.0)
      rack (>= 1.0, < 3)
    rails (7.0.2.2)
      actioncable (= 7.0.2.2)
      actionmailbox (= 7.0.2.2)
      actionmailer (= 7.0.2.2)
      actionpack (= 7.0.2.2)
      actiontext (= 7.0.2.2)
      actionview (= 7.0.2.2)
      activejob (= 7.0.2.2)
      activemodel (= 7.0.2.2)
      activerecord (= 7.0.2.2)
      activestorage (= 7.0.2.2)
      activesupport (= 7.0.2.2)
      bundler (>= 1.15.0)
      railties (= 7.0.2.2)
    rails-controller-testing (1.0.4)
      actionpack (>= 5.0.1.x)
      actionview (>= 5.0.1.x)
      activesupport (>= 5.0.1.x)
    rails-dom-testing (2.0.3)
      activesupport (>= 4.2.0)
      nokogiri (>= 1.6)
    rails-html-sanitizer (1.4.2)
      loofah (~> 2.3)
    railties (7.0.2.2)
      actionpack (= 7.0.2.2)
      activesupport (= 7.0.2.2)
      method_source
      rake (>= 12.2)
      thor (~> 1.0)
      zeitwerk (~> 2.5)
    rainbow (3.1.1)
    rake (12.3.3)
    rb-fsevent (0.11.1)
    rb-inotify (0.10.1)
      ffi (~> 1.0)
    recaptcha (5.8.1)
      json
    regexp_parser (1.8.2)
    rexml (3.2.5)
    rubocop (1.25.1)
      parallel (~> 1.10)
      parser (>= 3.1.0.0)
      rainbow (>= 2.2.2, < 4.0)
      regexp_parser (>= 1.8, < 3.0)
      rexml
      rubocop-ast (>= 1.15.1, < 2.0)
      ruby-progressbar (~> 1.7)
      unicode-display_width (>= 1.4.0, < 3.0)
    rubocop-ast (1.16.0)
      parser (>= 3.1.1.0)
    rubocop-minitest (0.17.2)
      rubocop (>= 0.90, < 2.0)
    rubocop-performance (1.13.2)
      rubocop (>= 1.7.0, < 2.0)
      rubocop-ast (>= 0.4.0)
    rubocop-rails (2.13.2)
      activesupport (>= 4.2.0)
      rack (>= 1.1)
      rubocop (>= 1.7.0, < 2.0)
    ruby-progressbar (1.11.0)
    rubyzip (1.3.0)
    selenium-webdriver (3.142.4)
      childprocess (>= 0.5, < 3.0)
      rubyzip (~> 1.2, >= 1.2.2)
    shellany (0.0.1)
    spring (2.1.1)
    spring-watcher-listen (2.0.1)
      listen (>= 2.7, < 4.0)
      spring (>= 1.2, < 3.0)
    sprockets (4.0.2)
      concurrent-ruby (~> 1.0)
      rack (> 1, < 3)
    sprockets-rails (3.4.2)
      actionpack (>= 5.2)
      activesupport (>= 5.2)
      sprockets (>= 3.0.0)
    strscan (3.0.1)
    thor (1.2.1)
    timeout (0.2.0)
    turbolinks (5.2.1)
      turbolinks-source (~> 5.2)
    turbolinks-source (5.2.0)
    tzinfo (2.0.4)
      concurrent-ruby (~> 1.0)
    unicode-display_width (2.1.0)
    web-console (4.2.0)
      actionview (>= 6.0.0)
      activemodel (>= 6.0.0)
      bindex (>= 0.4.0)
      railties (>= 6.0.0)
    webdrivers (4.1.2)
      nokogiri (~> 1.6)
      rubyzip (~> 1.0)
      selenium-webdriver (>= 3.0, < 4.0)
    webpacker (4.3.0)
      activesupport (>= 4.2)
      rack-proxy (>= 0.6.1)
      railties (>= 4.2)
    websocket-driver (0.7.5)
      websocket-extensions (>= 0.1.0)
    websocket-extensions (0.1.5)
    xpath (3.2.0)
      nokogiri (~> 1.8)
    zeitwerk (2.5.4)

PLATFORMS
  ruby

DEPENDENCIES
  bcrypt (~> 3.1.7)
  bootsnap (>= 1.4.2)
  brakeman
  byebug
  capybara (= 3.28.0)
  faker
  friendly_id
  guard (= 2.15.0)
  guard-minitest (= 2.4.6)
  listen (~> 3.2)
  mail_form
  minitest (= 5.14.2)
  minitest-reporters (= 1.3.8)
  pagy (~> 3.5)
  pg (>= 0.18, < 2.0)
  puma (~> 4.1)
  rails (~> 7.0.2.2)
  rails-controller-testing (= 1.0.4)
  recaptcha (~> 5.7)
  rubocop
  rubocop-minitest
  rubocop-performance
  rubocop-rails
  selenium-webdriver (= 3.142.4)
  spring
  spring-watcher-listen (~> 2.0.0)
  sprockets-rails
  turbolinks (~> 5)
  tzinfo-data
  web-console (>= 3.3.0)
  webdrivers (= 4.1.2)
  webpacker (~> 4.0)

RUBY VERSION
   ruby 2.7.4p191

BUNDLED WITH
   2.3.7
